GIT
  remote: git://github.com/sinatra/sinatra.git
  revision: 1482379db292acf37ea12c5a1ccfe68d6347f6c3
  specs:
    sinatra (1.3.0)
      rack (~> 1.3)
      tilt (~> 1.3)

GEM
  remote: https://rubygems.org/
  specs:
    bson_ext (1.3.1)
    haml (3.1.1)
    json (1.5.1)
    mime-types (1.17.2)
    nokogiri (1.4.4)
    rack (1.3.0)
    rest-client (1.6.7)
      mime-types (>= 1.16)
    rest-client-components (1.2.0)
      rack (>= 1.0.1)
      rest-client (>= 1.6.0, < 1.7.0)
    shotgun (0.9)
      rack (>= 1.0)
    tilt (1.3.2)

PLATFORMS
  ruby

DEPENDENCIES
  bson_ext
  haml
  json
  nokogiri
  rest-client-components
  shotgun (~> 0.9)
  sinatra!
