GEM
  remote: https://rubygems.org/
  specs:
    bson (1.12.2)
    bson_ext (1.12.2)
      bson (~> 1.12.2)
    domain_name (0.5.24)
      unf (>= 0.0.5, < 1.0.0)
    http-cookie (1.0.2)
      domain_name (~> 0.5)
    json (1.8.0)
    mime-types (2.6.1)
    mini_portile (0.5.1)
    netrc (0.10.3)
    nokogiri (1.6.0)
      mini_portile (~> 0.5.0)
    rack (1.5.2)
    rack-protection (1.5.0)
      rack
    rest-client (1.8.0)
      http-cookie (>= 1.0.2, < 2.0)
      mime-types (>= 1.16, < 3.0)
      netrc (~> 0.7)
    rest-client-components (1.4.0)
      rack (>= 1.0.1)
      rest-client (>= 1.6.0)
    shotgun (0.9)
      rack (>= 1.0)
    sinatra (1.4.3)
      rack (~> 1.4)
      rack-protection (~> 1.4)
      tilt (~> 1.3, >= 1.3.4)
    tilt (1.4.1)
    unf (0.1.4)
      unf_ext
    unf_ext (0.0.7.1)

PLATFORMS
  ruby

DEPENDENCIES
  bson_ext (~> 1.12)
  json (~> 1.8)
  nokogiri (~> 1.6)
  rest-client-components (~> 1.4)
  shotgun (~> 0.9)
  sinatra (~> 1.4)
