GIT
  remote: git://github.com/sinatra/sinatra.git
  revision: 1482379db292acf37ea12c5a1ccfe68d6347f6c3
  specs:
    sinatra (1.3.0)
      rack (~> 1.3)
      tilt (~> 1.3)

GEM
  remote: http://rubygems.org/
  specs:
    haml (3.1.1)
    json (1.5.1)
    nokogiri (1.4.4)
    rack (1.3.0)
    tilt (1.3.2)

PLATFORMS
  ruby

DEPENDENCIES
  haml
  json
  nokogiri
  sinatra!
